GEM
  remote: https://rubygems.org/
  specs:
    eventmachine (1.0.8)
    http_parser.rb (0.5.3)

PLATFORMS
  ruby

DEPENDENCIES
  eventmachine
  http_parser.rb

BUNDLED WITH
   1.10.6
